GEM
  remote: https://rubygems.org/
  specs:
    diff-lcs (1.2.5)
    geo_coder (0.1.1)
      sqlite3-ruby (= 1.2.5)
      text
    rspec (3.0.0)
      rspec-core (~> 3.0.0)
      rspec-expectations (~> 3.0.0)
      rspec-mocks (~> 3.0.0)
    rspec-core (3.0.2)
      rspec-support (~> 3.0.0)
    rspec-expectations (3.0.2)
      diff-lcs (>= 1.2.0, < 2.0)
      rspec-support (~> 3.0.0)
    rspec-mocks (3.0.2)
      rspec-support (~> 3.0.0)
    rspec-support (3.0.2)
    sqlite3-ruby (1.2.5)
    text (1.3.0)

PLATFORMS
  ruby

DEPENDENCIES
  geo_coder
  rspec
